{
	"Modality": "MR",
	"MagneticFieldStrength": 3,
	"ImagingFrequency": 127.767,
	"Manufacturer": "GE",
	"ManufacturersModelName": "DISCOVERY_MR750",
	"InstitutionName": "INSTITUTO_DE_NEUROBIOLOGIA",
	"DeviceSerialNumber": "0002806034DVR750",
	"StationName": "GEHCGEHC",
	"BodyPartExamined": "BRAIN",
	"PatientPosition": "HFS",
	"ProcedureStepDescription": "(I071HRM)_MARIA_MAGDALENA_GIORDANO_NOYOLA",
	"SoftwareVersions": "27_LX_MR_Software_release:DV26.0_R05_2008.a",
	"MRAcquisitionType": "2D",
	"SeriesDescription": "fMRI_Ironia_3-a",
	"ProtocolName": "fMRI_Ironia_3-a",
	"ScanningSequence": "EP_GR",
	"SequenceVariant": "SS",
	"ScanOptions": "EPI_GEMS_ACC_GEMS",
	"ImageType": ["ORIGINAL", "PRIMARY", "EPI", "NONE"],
	"SeriesNumber": 6,
	"AcquisitionTime": "18:32:20.000000",
	"AcquisitionNumber": 1,
	"SliceThickness": 4,
	"SpacingBetweenSlices": 4,
	"SAR": 0.210301,
	"EchoTime": 0.04,
	"RepetitionTime": 2,
	"FlipAngle": 90,
	"PhaseEncodingPolarityGE": "Flipped",
	"CoilString": "32Ch_Head",
	"PercentPhaseFOV": 100,
	"AcquisitionMatrixPE": 64,
	"ReconMatrixPE": 64,
	"EffectiveEchoSpacing": 0.000372,
	"TotalReadoutTime": 0.023436,
	"PixelBandwidth": 7812.5,
	"PhaseEncodingDirection": "j",
	"SliceTiming": [
		0,
		1.0285,
		0.0571001,
		1.0857,
		0.1142,
		1.1428,
		0.1714,
		1.2,
		0.2285,
		1.2571,
		0.2857,
		1.3143,
		0.3428,
		1.3714,
		0.4,
		1.4286,
		0.4571,
		1.4857,
		0.5142,
		1.5428,
		0.5714,
		1.6,
		0.6285,
		1.6571,
		0.6857,
		1.7143,
		0.7428,
		1.7714,
		0.8,
		1.8285,
		0.8571,
		1.8857,
		0.9143,
		1.9428,
		0.9714	],
	"ImageOrientationPatientDICOM": [
		1,
		-0,
		0,
		-0,
		1,
		0	],
	"InPlanePhaseEncodingDirectionDICOM": "COL",
	"ConversionSoftware": "dcm2niix",
	"ConversionSoftwareVersion": "v1.0.20190902"
}
